GEM
  remote: https://rubygems.org/
  specs:
    colorize (0.7.3)
    dotenv (1.0.2)
    httparty (0.13.3)
      json (~> 1.8)
      multi_xml (>= 0.5.2)
    json (1.8.2)
    multi_xml (0.5.5)
    nokogiri (1.5.6)
    reverse_markdown (0.7.0)
      nokogiri
    sanitize (2.0.3)
      nokogiri (>= 1.4.4, < 1.6)
    slop (3.6.0)

PLATFORMS
  ruby

DEPENDENCIES
  colorize
  dotenv
  httparty
  reverse_markdown
  sanitize
  slop (~> 3.6)
